GEM
  remote: https://rubygems.org/
  specs:
    bert (1.1.6)
    dotenv (0.9.0)
    eventmachine (1.0.3)
    faraday (0.9.0)
      multipart-post (>= 1.2, < 3)
    foreman (0.63.0)
      dotenv (>= 0.7)
      thor (>= 0.13.6)
    jwt (0.1.10)
      multi_json (>= 1.5)
    multi_json (1.8.4)
    multi_xml (0.5.5)
    multipart-post (2.0.0)
    oauth2 (0.9.3)
      faraday (>= 0.8, < 0.10)
      jwt (~> 0.1.8)
      multi_json (~> 1.3)
      multi_xml (~> 0.5)
      rack (~> 1.2)
    proxylocal (0.3.1)
      bert (>= 1.1.2)
      eventmachine (>= 0.12.10)
    rack (1.5.2)
    rack-protection (1.5.2)
      rack
    sinatra (1.4.4)
      rack (~> 1.4)
      rack-protection (~> 1.4)
      tilt (~> 1.3, >= 1.3.4)
    thor (0.18.1)
    tilt (1.4.1)

PLATFORMS
  ruby

DEPENDENCIES
  foreman (~> 0.63.0)
  oauth2 (~> 0.9.3)
  proxylocal (~> 0.3.1)
  sinatra (~> 1.4.4)
